PATH
  remote: .
  specs:
    spider-gazelle (2.0.0.alpha1)
      http-2
      http-parser
      libuv (>= 2.0.5)
      rack (>= 1.0.0)
      rake
      uv-rays (>= 1.2.0)
      websocket-driver

GEM
  remote: https://rubygems.org/
  specs:
    addressable (2.3.8)
    bisect (0.1)
    cookiejar (0.3.2)
    diff-lcs (1.2.5)
    ffi (1.9.10)
    ffi-compiler (0.1.3)
      ffi (>= 1.0.0)
      rake
    http-2 (0.7.0)
    http-parser (1.0.5)
      ffi-compiler (>= 0.0.2)
      rake
    ipaddress (0.8.0)
    libuv (2.0.5)
      ffi (>= 1.9)
      ruby-tls (>= 2.0.0)
      thread_safe
    rack (1.6.4)
    rake (10.4.2)
    rspec (3.3.0)
      rspec-core (~> 3.3.0)
      rspec-expectations (~> 3.3.0)
      rspec-mocks (~> 3.3.0)
    rspec-core (3.3.1)
      rspec-support (~> 3.3.0)
    rspec-expectations (3.3.0)
      diff-lcs (>= 1.2.0, < 2.0)
      rspec-support (~> 3.3.0)
    rspec-mocks (3.3.1)
      diff-lcs (>= 1.2.0, < 2.0)
      rspec-support (~> 3.3.0)
    rspec-support (3.3.0)
    ruby-tls (2.1.0)
      ffi-compiler (>= 0.0.2)
      thread_safe
    thread_safe (0.3.5)
    tzinfo (1.2.2)
      thread_safe (~> 0.1)
    uv-rays (1.2.0)
      addressable
      bisect
      cookiejar
      http-parser (>= 1.0.4)
      ipaddress
      libuv (>= 2.0.0)
      tzinfo
    websocket-driver (0.6.2)
      websocket-extensions (>= 0.1.0)
    websocket-extensions (0.1.2)
    yard (0.8.7.6)

PLATFORMS
  ruby

DEPENDENCIES
  rspec
  spider-gazelle!
  yard

BUNDLED WITH
   1.10.6
