PATH
  remote: .
  specs:
    spider-gazelle (3.0.3)
      http-2 (~> 0.8)
      http-parser (~> 1.1)
      libuv (~> 3.0)
      rack (~> 2.0)
      uv-rays (~> 2.0)
      websocket-driver (~> 0.6)

GEM
  remote: https://rubygems.org/
  specs:
    addressable (2.5.0)
      public_suffix (~> 2.0, >= 2.0.2)
    bisect (0.1)
    concurrent-ruby (1.0.2)
    cookiejar (0.3.3)
    diff-lcs (1.2.5)
    ffi (1.9.14)
    ffi-compiler (1.0.1)
      ffi (>= 1.0.0)
      rake
    http-2 (0.8.2)
    http-parser (1.2.0)
      ffi-compiler (>= 1.0, < 2.0)
    ipaddress (0.8.3)
    libuv (3.1.1)
      concurrent-ruby (~> 1.0)
      ffi (~> 1.9)
      ruby-tls (~> 2.1)
    net-http-digest_auth (1.4)
    public_suffix (2.0.4)
    rack (2.0.1)
    rake (11.3.0)
    rspec (3.5.0)
      rspec-core (~> 3.5.0)
      rspec-expectations (~> 3.5.0)
      rspec-mocks (~> 3.5.0)
    rspec-core (3.5.4)
      rspec-support (~> 3.5.0)
    rspec-expectations (3.5.0)
      diff-lcs (>= 1.2.0, < 2.0)
      rspec-support (~> 3.5.0)
    rspec-mocks (3.5.0)
      diff-lcs (>= 1.2.0, < 2.0)
      rspec-support (~> 3.5.0)
    rspec-support (3.5.0)
    ruby-tls (2.1.2)
      ffi-compiler (>= 0.0.2)
      thread_safe
    rubyntlm (0.6.1)
    thread_safe (0.3.5)
    tzinfo (1.2.2)
      thread_safe (~> 0.1)
    uv-rays (2.0.1)
      addressable (~> 2.4)
      bisect (~> 0.1)
      cookiejar (~> 0.3)
      http-parser (~> 1.2)
      ipaddress (~> 0.8)
      libuv (~> 3.0)
      net-http-digest_auth (~> 1.4)
      rubyntlm (~> 0.6)
      tzinfo (~> 1.2)
    websocket-driver (0.6.4)
      websocket-extensions (>= 0.1.0)
    websocket-extensions (0.1.2)
    yard (0.9.5)

PLATFORMS
  ruby

DEPENDENCIES
  rake (~> 11.2)
  rspec (~> 3.5)
  spider-gazelle!
  yard (~> 0.9)

BUNDLED WITH
   1.11.2
