PATH
  remote: .
  specs:
    spider-gazelle (2.0.0.alpha1)
      http-parser
      libuv (>= 1.0.0)
      rack (>= 1.0.0)
      radix
      rake
      thread_safe
      websocket-driver

GEM
  remote: https://rubygems.org/
  specs:
    diff-lcs (1.2.5)
    ffi (1.9.9)
    ffi-compiler (0.1.3)
      ffi (>= 1.0.0)
      rake
    http-parser (1.0.5)
      ffi-compiler (>= 0.0.2)
      rake
    libuv (1.3.0)
      ffi (>= 1.9)
      ruby-tls (>= 2.0.0)
      thread_safe
    rack (1.6.4)
    radix (2.2.1)
    rake (10.4.2)
    rspec (3.3.0)
      rspec-core (~> 3.3.0)
      rspec-expectations (~> 3.3.0)
      rspec-mocks (~> 3.3.0)
    rspec-core (3.3.1)
      rspec-support (~> 3.3.0)
    rspec-expectations (3.3.0)
      diff-lcs (>= 1.2.0, < 2.0)
      rspec-support (~> 3.3.0)
    rspec-mocks (3.3.1)
      diff-lcs (>= 1.2.0, < 2.0)
      rspec-support (~> 3.3.0)
    rspec-support (3.3.0)
    ruby-tls (2.1.0)
      ffi-compiler (>= 0.0.2)
      thread_safe
    thread_safe (0.3.5)
    websocket-driver (0.5.4)
      websocket-extensions (>= 0.1.0)
    websocket-extensions (0.1.2)
    yard (0.8.7.6)

PLATFORMS
  ruby

DEPENDENCIES
  rspec
  spider-gazelle!
  yard
